GIT
  remote: https://github.com/matenia/bootstrap-kaminari-views.git
  revision: 94e78d1c9af3f6e4f4af36f7c9069bf57f6eef7a
  specs:
    bootstrap-kaminari-views (0.0.2)
      kaminari (>= 0.13)
      rails (>= 3.1)

GIT
  remote: https://github.com/rossta/Google-Maps-for-Rails.git
  revision: 17cf545aec9f492e73964b6892de8e575722eb54
  branch: rails_4_support
  specs:
    gmaps4rails (2.0.0.pre)

GEM
  remote: https://rubygems.org/
  specs:
    actionmailer (4.0.0)
      actionpack (= 4.0.0)
      mail (~> 2.5.3)
    actionpack (4.0.0)
      activesupport (= 4.0.0)
      builder (~> 3.1.0)
      erubis (~> 2.7.0)
      rack (~> 1.5.2)
      rack-test (~> 0.6.2)
    activemodel (4.0.0)
      activesupport (= 4.0.0)
      builder (~> 3.1.0)
    activerecord (4.0.0)
      activemodel (= 4.0.0)
      activerecord-deprecated_finders (~> 1.0.2)
      activesupport (= 4.0.0)
      arel (~> 4.0.0)
    activerecord-deprecated_finders (1.0.3)
    activesupport (4.0.0)
      i18n (~> 0.6, >= 0.6.4)
      minitest (~> 4.2)
      multi_json (~> 1.3)
      thread_safe (~> 0.1)
      tzinfo (~> 0.3.37)
    arel (4.0.0)
    atomic (1.1.10)
    bcrypt-ruby (3.0.1)
    bootstrap-datetimepicker-rails (0.0.11)
    bootstrap_forms (4.0.0)
    builder (3.1.4)
    carrierwave (0.9.0)
      activemodel (>= 3.2.0)
      activesupport (>= 3.2.0)
      json (>= 1.7)
    coffee-rails (4.0.0)
      coffee-script (>= 2.2.0)
      railties (>= 4.0.0.beta, < 5.0)
    coffee-script (2.2.0)
      coffee-script-source
      execjs
    coffee-script-source (1.6.3)
    countries (0.9.2)
      currencies (>= 0.4.0)
    currencies (0.4.2)
    devise (3.0.0.rc)
      bcrypt-ruby (~> 3.0)
      orm_adapter (~> 0.1)
      railties (>= 3.2.6, < 5)
      warden (~> 1.2.1)
    erubis (2.7.0)
    execjs (1.4.0)
      multi_json (~> 1.0)
    hike (1.2.3)
    i18n (0.6.4)
    ice_cube (0.11.0)
    jbuilder (1.4.2)
      activesupport (>= 3.0.0)
      multi_json (>= 1.2.0)
    jquery-rails (3.0.4)
      railties (>= 3.0, < 5.0)
      thor (>= 0.14, < 2.0)
    json (1.8.0)
    kaminari (0.14.1)
      actionpack (>= 3.0.0)
      activesupport (>= 3.0.0)
    mail (2.5.4)
      mime-types (~> 1.16)
      treetop (~> 1.4.8)
    mime-types (1.23)
    mini_magick (3.6.0)
      subexec (~> 0.2.1)
    minitest (4.7.5)
    multi_json (1.7.7)
    orm_adapter (0.4.0)
    pg (0.15.1)
    phony (1.9.0)
    phony_rails (0.4.0)
      activesupport (>= 3.0)
      countries (>= 0.8.2)
      phony (>= 1.7.7)
    polyglot (0.3.3)
    rack (1.5.2)
    rack-test (0.6.2)
      rack (>= 1.0)
    rails (4.0.0)
      actionmailer (= 4.0.0)
      actionpack (= 4.0.0)
      activerecord (= 4.0.0)
      activesupport (= 4.0.0)
      bundler (>= 1.3.0, < 2.0)
      railties (= 4.0.0)
      sprockets-rails (~> 2.0.0)
    railties (4.0.0)
      actionpack (= 4.0.0)
      activesupport (= 4.0.0)
      rake (>= 0.8.7)
      thor (>= 0.18.1, < 2.0)
    rake (10.1.0)
    recurring_select (1.2.0)
      coffee-rails (>= 3.1)
      ice_cube (>= 0.8)
      jquery-rails
      rails (>= 3.1)
      sass-rails (>= 3.1)
    sass (3.2.9)
    sass-rails (4.0.0)
      railties (>= 4.0.0.beta, < 5.0)
      sass (>= 3.1.10)
      sprockets-rails (~> 2.0.0)
    simple-navigation (3.11.0)
      activesupport (>= 2.3.2)
    simple_calendar (0.1.9)
      rails (>= 3.0)
    sprockets (2.10.0)
      hike (~> 1.2)
      multi_json (~> 1.0)
      rack (~> 1.0)
      tilt (~> 1.1, != 1.3.0)
    sprockets-rails (2.0.0)
      actionpack (>= 3.0)
      activesupport (>= 3.0)
      sprockets (~> 2.8)
    sqlite3 (1.3.7)
    subexec (0.2.3)
    thor (0.18.1)
    thread_safe (0.1.0)
      atomic
    tilt (1.4.1)
    treetop (1.4.14)
      polyglot
      polyglot (>= 0.3.1)
    turbolinks (1.3.0)
      coffee-rails
    twitter-bootstrap-rails (2.2.7)
      actionpack (>= 3.1)
      execjs
      rails (>= 3.1)
      railties (>= 3.1)
    tzinfo (0.3.37)
    uglifier (2.1.1)
      execjs (>= 0.3.0)
      multi_json (~> 1.0, >= 1.0.2)
    warden (1.2.1)
      rack (>= 1.0)

PLATFORMS
  ruby

DEPENDENCIES
  bootstrap-datetimepicker-rails
  bootstrap-kaminari-views!
  bootstrap_forms
  carrierwave
  coffee-rails (~> 4.0.0)
  devise (= 3.0.0.rc)
  gmaps4rails!
  ice_cube
  jbuilder (~> 1.2)
  jquery-rails
  kaminari
  mini_magick
  pg
  phony_rails
  rails (= 4.0.0)
  recurring_select
  sass-rails (~> 4.0.0)
  simple-navigation
  simple_calendar
  sqlite3
  turbolinks
  twitter-bootstrap-rails
  uglifier (>= 1.3.0)
